PATH
  remote: .
  specs:
    dorian-each (0.3.2)

GEM
  remote: https://rubygems.org/
  specs:

PLATFORMS
  arm64-darwin-23
  ruby

DEPENDENCIES
  dorian-each!

RUBY VERSION
   ruby 3.3.0p0

BUNDLED WITH
   2.5.6
